GEM
  remote: https://rubygems.org/
  specs:
    coderay (1.1.1)
    coveralls (0.8.15)
      json (>= 1.8, < 3)
      simplecov (~> 0.12.0)
      term-ansicolor (~> 1.3)
      thor (~> 0.19.1)
      tins (>= 1.6.0, < 2)
    docile (1.1.5)
    dotenv (2.1.1)
    faraday (0.10.0)
      multipart-post (>= 1.2, < 3)
    json (2.0.2)
    method_source (0.8.2)
    minitest (5.9.1)
    multipart-post (2.0.0)
    pry (0.10.4)
      coderay (~> 1.1.0)
      method_source (~> 0.8.1)
      slop (~> 3.4)
    puma (3.6.0)
    rack (1.6.5)
    rack-protection (1.5.3)
      rack
    rack-test (0.6.3)
      rack (>= 1.0)
    rake (11.3.0)
    simplecov (0.12.0)
      docile (~> 1.1.0)
      json (>= 1.8, < 3)
      simplecov-html (~> 0.10.0)
    simplecov-html (0.10.0)
    sinatra (1.4.7)
      rack (~> 1.5)
      rack-protection (~> 1.4)
      tilt (>= 1.3, < 3)
    slop (3.6.0)
    term-ansicolor (1.4.0)
      tins (~> 1.0)
    thor (0.19.1)
    tilt (2.0.5)
    tins (1.12.0)

PLATFORMS
  ruby

DEPENDENCIES
  coveralls
  dotenv
  faraday
  json
  minitest
  pry
  puma
  rack-test
  rake
  sinatra

RUBY VERSION
   ruby 2.5.0p0

BUNDLED WITH
   1.16.1
